GEM
  remote: https://rubygems.org/
  specs:
    json (2.6.3)
    open3 (0.1.2)

PLATFORMS
  x64-mingw-ucrt

DEPENDENCIES
  json
  open3

BUNDLED WITH
   2.4.20
